GEM
  remote: https://rubygems.org/
  specs:
    haml (4.0.5)
      tilt
    rake (10.2.2)
    tilt (2.0.1)

PLATFORMS
  ruby

DEPENDENCIES
  haml
  rake
