GEM
  remote: https://rubygems.org/
  specs:
    haml (4.0.5)
      tilt
    jasmine (2.0.3)
      jasmine-core (~> 2.0.0)
      phantomjs
      rack (>= 1.2.1)
      rake
    jasmine-core (2.0.2)
    phantomjs (1.9.7.1)
    rack (1.5.2)
    rake (10.2.2)
    sass (3.4.5)
    tilt (2.0.1)

PLATFORMS
  ruby

DEPENDENCIES
  haml
  jasmine
  rake
  sass
